GEM
  remote: http://rubygems.org/
  specs:
    rmagick (2.16.0)

PLATFORMS
  ruby

DEPENDENCIES
  rmagick
