GEM
  remote: http://rubygems.org/
  specs:
    rmagick (3.2.0)

PLATFORMS
  ruby

DEPENDENCIES
  rmagick

BUNDLED WITH
   1.17.3
